GEM
  remote: http://rubygems.org/
  specs:
    actionmailer (2.3.14)
      actionpack (= 2.3.14)
    actionpack (2.3.14)
      activesupport (= 2.3.14)
      rack (~> 1.1.0)
    activerecord (2.3.14)
      activesupport (= 2.3.14)
    activeresource (2.3.14)
      activesupport (= 2.3.14)
    activesupport (2.3.14)
    archive-tar-minitar (0.5.2)
    builder (2.1.2)
    columnize (0.3.6)
    linecache19 (0.5.12)
      ruby_core_source (>= 0.1.4)
    mysql2 (0.2.7)
    net-ssh (2.1.4)
    open4 (1.3.0)
    perftools.rb (2.0.0)
    rack (1.1.3)
    rack-perftools_profiler (0.6.0)
      open4 (~> 1.0)
      perftools.rb (~> 2.0.0)
      rack (~> 1.0)
    rails (2.3.14)
      actionmailer (= 2.3.14)
      actionpack (= 2.3.14)
      activerecord (= 2.3.14)
      activeresource (= 2.3.14)
      activesupport (= 2.3.14)
      rake (>= 0.8.3)
    rake (0.8.7)
    ruby-debug-base19 (0.11.25)
      columnize (>= 0.3.1)
      linecache19 (>= 0.5.11)
      ruby_core_source (>= 0.1.4)
    ruby-debug19 (0.11.6)
      columnize (>= 0.3.1)
      linecache19 (>= 0.5.11)
      ruby-debug-base19 (>= 0.11.19)
    ruby_core_source (0.1.5)
      archive-tar-minitar (>= 0.5.2)
    will_paginate (2.3.16)

PLATFORMS
  java
  ruby

DEPENDENCIES
  builder (= 2.1.2)
  mysql2 (= 0.2.7)
  net-ssh (~> 2.1.4)
  rack-perftools_profiler (~> 0.1)
  rails (= 2.3.14)
  rake (~> 0.8.7)
  ruby-debug19
  will_paginate (~> 2.3.15)
